PATH
  remote: .
  specs:
    qdocs (0.2.2)
      method_source (~> 1)
      rack (> 1)

GEM
  remote: https://rubygems.org/
  specs:
    diff-lcs (1.4.4)
    method_source (1.0.0)
    rack (2.2.3)
    rake (13.0.3)
    rspec (3.10.0)
      rspec-core (~> 3.10.0)
      rspec-expectations (~> 3.10.0)
      rspec-mocks (~> 3.10.0)
    rspec-core (3.10.1)
      rspec-support (~> 3.10.0)
    rspec-expectations (3.10.1)
      diff-lcs (>= 1.2.0, < 2.0)
      rspec-support (~> 3.10.0)
    rspec-mocks (3.10.2)
      diff-lcs (>= 1.2.0, < 2.0)
      rspec-support (~> 3.10.0)
    rspec-support (3.10.2)

PLATFORMS
  ruby

DEPENDENCIES
  qdocs!
  rake (~> 13.0)
  rspec (~> 3.0)

BUNDLED WITH
   2.1.4
